PATH
  remote: .
  specs:
    rack-cleancookies (0.1.2)
      rack
      rake

GEM
  remote: https://rubygems.org/
  specs:
    rack (1.4.1)
    rake (0.9.2.2)
    test-unit (2.5.2)

PLATFORMS
  ruby

DEPENDENCIES
  rack-cleancookies!
  test-unit
