PATH
  remote: .
  specs:
    rack-cleancookies (0.1.2)
      rack
      rake

GEM
  remote: https://rubygems.org/
  specs:
    rack (2.2.3.1)
    rake (13.0.1)
    test-unit (2.5.2)

PLATFORMS
  ruby

DEPENDENCIES
  rack-cleancookies!
  test-unit
