PATH
  remote: .
  specs:
    rack-cleancookies (0.1.1)
      rack
      rake

GEM
  remote: http://rubygems.org/
  specs:
    rack (1.4.1)
    rake (0.9.2.2)
    test-unit (2.4.3)

PLATFORMS
  ruby

DEPENDENCIES
  rack-cleancookies!
  test-unit
